GIT
  remote: git://github.com/sferik/rails_admin.git
  revision: 2c63152e072e54e23f0e21b7c8ea3dbaf6889255
  specs:
    rails_admin (0.0.1)
      bbenezech-nested_form (~> 0.0)
      bootstrap-sass (~> 1.4, >= 1.4.1)
      builder (~> 3.0)
      coffee-rails (~> 3.1)
      haml (~> 3.1)
      jquery-rails (~> 1.0)
      kaminari (~> 0.12)
      rack-pjax (~> 0.5)
      rails (~> 3.1)
      remotipart (~> 1.0)

GEM
  remote: http://rubygems.org/
  specs:
    actionmailer (3.1.1)
      actionpack (= 3.1.1)
      mail (~> 2.3.0)
    actionpack (3.1.1)
      activemodel (= 3.1.1)
      activesupport (= 3.1.1)
      builder (~> 3.0.0)
      erubis (~> 2.7.0)
      i18n (~> 0.6)
      rack (~> 1.3.2)
      rack-cache (~> 1.1)
      rack-mount (~> 0.8.2)
      rack-test (~> 0.6.1)
      sprockets (~> 2.0.2)
    activemodel (3.1.1)
      activesupport (= 3.1.1)
      builder (~> 3.0.0)
      i18n (~> 0.6)
    activerecord (3.1.1)
      activemodel (= 3.1.1)
      activesupport (= 3.1.1)
      arel (~> 2.2.1)
      tzinfo (~> 0.3.29)
    activeresource (3.1.1)
      activemodel (= 3.1.1)
      activesupport (= 3.1.1)
    activesupport (3.1.1)
      multi_json (~> 1.0)
    acts_as_audited (2.0.0)
      rails (>= 3.0.3)
    addressable (2.2.6)
    arel (2.2.1)
    bbenezech-nested_form (0.0.2)
    bcrypt-ruby (3.0.1-x86-mingw32)
    bootstrap-sass (1.4.2)
      sass-rails (~> 3.1.0)
    builder (3.0.0)
    capybara (1.1.2)
      mime-types (>= 1.16)
      nokogiri (>= 1.3.3)
      rack (>= 1.0.0)
      rack-test (>= 0.5.4)
      selenium-webdriver (~> 2.0)
      xpath (~> 0.1.4)
    childprocess (0.2.3)
      ffi (~> 1.0.6)
    coffee-rails (3.1.1)
      coffee-script (>= 2.2.0)
      railties (~> 3.1.0)
    coffee-script (2.2.0)
      coffee-script-source
      execjs
    coffee-script-source (1.1.3)
    cucumber (1.1.3)
      builder (>= 2.1.2)
      diff-lcs (>= 1.1.2)
      gherkin (~> 2.6.7)
      json (>= 1.4.6)
      term-ansicolor (>= 1.0.6)
    cucumber-rails (1.2.0)
      capybara (>= 1.1.1)
      cucumber (>= 1.1.1)
      nokogiri (>= 1.5.0)
    database_cleaner (0.7.0)
    devise (1.5.1)
      bcrypt-ruby (~> 3.0)
      orm_adapter (~> 0.0.3)
      warden (~> 1.1)
    diff-lcs (1.1.3)
    erubis (2.7.0)
    execjs (1.2.9)
      multi_json (~> 1.0)
    factory_girl (2.3.2)
      activesupport
    factory_girl_rails (1.4.0)
      factory_girl (~> 2.3.0)
      railties (>= 3.0.0)
    faker (1.0.1)
      i18n (~> 0.4)
    ffi (1.0.11)
    gherkin (2.6.8-x86-mingw32)
      json (>= 1.4.6)
    haml (3.1.4)
    hike (1.2.1)
    hpricot (0.8.5)
    i18n (0.6.0)
    jquery-rails (1.0.18)
      railties (~> 3.0)
      thor (~> 0.14)
    json (1.6.1)
    json_pure (1.6.2)
    kaminari (0.12.4)
      rails (>= 3.0.0)
    launchy (2.0.5)
      addressable (~> 2.2.6)
    mail (2.3.0)
      i18n (>= 0.4.0)
      mime-types (~> 1.16)
      treetop (~> 1.4.8)
    mime-types (1.17.2)
    multi_json (1.0.3)
    mysql2 (0.3.7)
    nokogiri (1.5.0-x86-mingw32)
    orm_adapter (0.0.5)
    polyglot (0.3.3)
    rack (1.3.5)
    rack-cache (1.1)
      rack (>= 0.4)
    rack-mount (0.8.3)
      rack (>= 1.0.0)
    rack-pjax (0.5.5)
      hpricot (~> 0.8.4)
      rack (~> 1.3)
    rack-ssl (1.3.2)
      rack
    rack-test (0.6.1)
      rack (>= 1.0)
    rails (3.1.1)
      actionmailer (= 3.1.1)
      actionpack (= 3.1.1)
      activerecord (= 3.1.1)
      activeresource (= 3.1.1)
      activesupport (= 3.1.1)
      bundler (~> 1.0)
      railties (= 3.1.1)
    railties (3.1.1)
      actionpack (= 3.1.1)
      activesupport (= 3.1.1)
      rack-ssl (~> 1.3.2)
      rake (>= 0.8.7)
      rdoc (~> 3.4)
      thor (~> 0.14.6)
    rake (0.9.2)
    rdoc (3.11)
      json (~> 1.4)
    remotipart (1.0.1)
    rspec (2.8.0.rc1)
      rspec-core (= 2.8.0.rc1)
      rspec-expectations (= 2.8.0.rc1)
      rspec-mocks (= 2.8.0.rc1)
    rspec-core (2.8.0.rc1)
    rspec-expectations (2.8.0.rc1)
      diff-lcs (~> 1.1.2)
    rspec-mocks (2.8.0.rc1)
    rspec-rails (2.8.0.rc1)
      actionpack (~> 3.0)
      activesupport (~> 3.0)
      railties (~> 3.0)
      rspec (= 2.8.0.rc1)
    rubyzip (0.9.5)
    sass (3.1.10)
    sass-rails (3.1.4)
      actionpack (~> 3.1.0)
      railties (~> 3.1.0)
      sass (>= 3.1.4)
      sprockets (~> 2.0.0)
      tilt (~> 1.3.2)
    selenium-webdriver (2.13.0)
      childprocess (>= 0.2.1)
      ffi (~> 1.0.9)
      json_pure
      rubyzip
    sprockets (2.0.3)
      hike (~> 1.2)
      rack (~> 1.0)
      tilt (~> 1.1, != 1.3.0)
    term-ansicolor (1.0.7)
    thor (0.14.6)
    tilt (1.3.3)
    treetop (1.4.10)
      polyglot
      polyglot (>= 0.3.1)
    tzinfo (0.3.31)
    uglifier (1.0.4)
      execjs (>= 0.3.0)
      multi_json (>= 1.0.2)
    warden (1.1.0)
      rack (>= 1.0)
    web-app-theme (0.8.0)
      rails (~> 3.1.0.rc6)
      thor (~> 0.14)
    xpath (0.1.4)
      nokogiri (~> 1.3)

PLATFORMS
  x86-mingw32

DEPENDENCIES
  acts_as_audited (= 2.0.0)
  capybara (>= 1.1.2)
  coffee-rails (~> 3.1.1)
  cucumber-rails (>= 1.2.0)
  database_cleaner (>= 0.7.0)
  devise (>= 1.5.0)
  factory_girl_rails (>= 1.4.0)
  faker
  jquery-rails
  kaminari
  launchy (>= 2.0.5)
  mysql2
  rails (= 3.1.1)
  rails_admin!
  rake (= 0.9.2)
  rspec-rails (>= 2.8.0.rc1)
  sass-rails (~> 3.1.4)
  uglifier (>= 1.0.3)
  web-app-theme (~> 0.8.0)
